GIT
  remote: git://github.com/tomafro/tomafro-deploy.git
  revision: 577e0679c5f6b19ff1ff8c619b40ddc2dcb19b47
  specs:
    tomafro-deploy (0.0.1)
      capistrano (~> 2.6.0)
      thor

GEM
  remote: http://rubygems.org/
  specs:
    BlueCloth (1.0.1)
    RedCloth (4.2.7)
    blankslate (2.1.2.4)
    capistrano (2.6.0)
      highline
      net-scp (>= 1.0.0)
      net-sftp (>= 2.0.0)
      net-ssh (>= 2.0.14)
      net-ssh-gateway (>= 1.1.0)
    compass (0.10.6)
      haml (>= 3.0.4)
    haml (3.1.2)
    highline (1.6.2)
    kramdown (0.12.0)
    libxml-ruby (2.0.9)
    net-scp (1.0.4)
      net-ssh (>= 1.99.1)
    net-sftp (2.0.5)
      net-ssh (>= 2.0.9)
    net-ssh (2.2.1)
    net-ssh-gateway (1.1.0)
      net-ssh (>= 1.99.1)
    parslet (1.2.1)
      blankslate (~> 2.0)
    rack (1.3.1)
    rack-test (0.6.0)
      rack (>= 1.0)
    rake (0.9.2)
    ratom (0.6.9)
      libxml-ruby (>= 1.1.2)
    redcarpet (1.9.0)
    soup (1.0.8)
    syntax (1.0.0)
    thor (0.14.6)
    vanilla (1.17.1)
      BlueCloth (>= 1.0.0)
      RedCloth (>= 4.1.1)
      haml (>= 3.1)
      parslet (>= 1.2.0)
      rack (>= 0.9.1)
      rack-test (>= 0.5.7)
      ratom (>= 0.3.5)
      soup (>= 1.0.8)

PLATFORMS
  ruby

DEPENDENCIES
  compass
  haml (~> 3.1)
  kramdown
  rake
  redcarpet
  syntax
  tomafro-deploy!
  vanilla (>= 1.17.1)
