GIT
  remote: git://github.com/freerange/deploy.git
  revision: cc6a22d55144422fef8792d3b317c67bc18d4e70
  specs:
    freerange-deploy (1.0.10)
      capistrano
      capistrano-ext
      json
      request-log-analyzer
      right_aws (= 2.0.0)
      thor
      tinder (= 1.4.1)

GIT
  remote: git://github.com/freerange/freerange-puppet.git
  revision: 79fb450c3b56ba58d826d4a05ab7086878b513ce
  specs:
    freerange-puppet (1.1.5)
      capistrano
      capistrano-ext

GIT
  remote: git://github.com/lazyatom/lazyatom-deploy.git
  revision: ee3a3f9479264cce1b68e78ae0214e991722ad31
  specs:
    lazyatom-deploy (0.1.0)
      freerange-deploy
      freerange-puppet

GEM
  remote: http://rubygems.org/
  specs:
    BlueCloth (1.0.1)
    RedCloth (4.2.3)
    activesupport (3.0.3)
    capistrano (2.5.19)
      highline
      net-scp (>= 1.0.0)
      net-sftp (>= 2.0.0)
      net-ssh (>= 2.0.14)
      net-ssh-gateway (>= 1.0.0)
    capistrano-ext (1.2.1)
      capistrano (>= 1.0.0)
    crack (0.1.8)
    eventmachine (0.12.10)
    haml (3.0.24)
    highline (1.6.1)
    httparty (0.6.1)
      crack (= 0.1.8)
    json (1.4.6)
    libxml-ruby (1.1.4)
    mime-types (1.16)
    net-scp (1.0.4)
      net-ssh (>= 1.99.1)
    net-sftp (2.0.5)
      net-ssh (>= 2.0.9)
    net-ssh (2.0.23)
    net-ssh-gateway (1.0.1)
      net-ssh (>= 1.99.1)
    polyglot (0.3.1)
    rack (1.2.1)
    ratom (0.6.7)
      libxml-ruby (>= 1.1.2)
    request-log-analyzer (1.9.7)
    right_aws (2.0.0)
      right_http_connection (>= 1.2.1)
    right_http_connection (1.2.4)
    roauth (0.0.3)
    soup (1.0.1)
    syntax (1.0.0)
    thor (0.14.6)
    tinder (1.4.1)
      activesupport
      eventmachine
      httparty
      mime-types
      twitter-stream
    treetop (1.4.9)
      polyglot (>= 0.3.1)
    twitter-stream (0.1.10)
      eventmachine (>= 0.12.8)
      roauth (>= 0.0.2)
    vanilla (1.12.5)
      BlueCloth (>= 1.0.0)
      RedCloth (>= 4.1.1)
      rack (>= 0.9.1)
      ratom (>= 0.3.5)
      soup (>= 1.0.1)
      treetop (>= 1.4.1)
      warden (>= 0.5.2)
    warden (1.0.2)
      rack (>= 1.0.0)

PLATFORMS
  ruby

DEPENDENCIES
  freerange-deploy!
  freerange-puppet!
  haml
  lazyatom-deploy!
  syntax
  vanilla
