GIT
  remote: https://github.com/lazyatom/vanilla-rb.git
  revision: 3ea62ef9e5ed4928b83842b03ff5490b882f4175
  specs:
    vanilla (1.17.9)
      BlueCloth (>= 1.0.0)
      RedCloth (>= 4.1.1)
      haml (>= 3.1)
      parslet (>= 1.2.0)
      rack (>= 0.9.1)
      rack-test (>= 0.5.7)
      ratom (>= 0.3.5)
      soup (>= 1.0.11)

GEM
  remote: http://rubygems.org/
  specs:
    BlueCloth (1.0.1)
    RedCloth (4.2.9)
    blankslate (2.1.2.4)
    capistrano (2.13.5)
      highline
      net-scp (>= 1.0.0)
      net-sftp (>= 2.0.0)
      net-ssh (>= 2.0.14)
      net-ssh-gateway (>= 1.1.0)
    chunky_png (1.2.6)
    compass (0.12.2)
      chunky_png (~> 1.2)
      fssm (>= 0.2.7)
      sass (~> 3.1)
    daemons (1.1.9)
    eventmachine (1.0.0)
    foreman (0.60.2)
      thor (>= 0.13.6)
    fssm (0.2.9)
    haml (3.1.7)
    highline (1.6.15)
    kramdown (0.14.0)
    libxml-ruby (2.3.3)
    net-scp (1.0.4)
      net-ssh (>= 1.99.1)
    net-sftp (2.0.5)
      net-ssh (>= 2.0.9)
    net-ssh (2.6.1)
    net-ssh-gateway (1.1.0)
      net-ssh (>= 1.99.1)
    open4 (1.3.0)
    parslet (1.5.0)
      blankslate (~> 2.0)
    posix-spawn (0.3.6)
    pygments.rb (0.3.7)
      posix-spawn (~> 0.3.6)
      yajl-ruby (~> 1.1.0)
    rack (1.4.1)
    rack-test (0.6.2)
      rack (>= 1.0)
    rake (10.0.1)
    ratom (0.7.2)
      libxml-ruby (~> 2.3.2)
    recap (1.0.5)
      capistrano (~> 2.9)
      open4
      thor
    redcarpet (2.2.2)
    sass (3.2.4)
    soup (1.0.11)
    susy (1.0.5)
      compass (>= 0.12.2)
      sass (>= 3.2.0)
    thin (1.5.0)
      daemons (>= 1.0.9)
      eventmachine (>= 0.12.6)
      rack (>= 1.0.0)
    thor (0.16.0)
    yajl-ruby (1.1.0)

PLATFORMS
  ruby

DEPENDENCIES
  foreman
  haml (~> 3.1)
  kramdown
  pygments.rb
  rake
  recap
  redcarpet
  susy
  thin
  vanilla!
