GIT
  remote: git://github.com/freerange/recap.git
  revision: 3fb3eb3177a2cd297919c487bcdeb04408377353
  specs:
    recap (0.2.0)
      capistrano (~> 2.9.0)
      thor

GEM
  remote: http://rubygems.org/
  specs:
    BlueCloth (1.0.1)
    RedCloth (4.2.9)
    blankslate (2.1.2.4)
    capistrano (2.9.0)
      highline
      net-scp (>= 1.0.0)
      net-sftp (>= 2.0.0)
      net-ssh (>= 2.0.14)
      net-ssh-gateway (>= 1.1.0)
    chunky_png (1.2.5)
    compass (0.12.1)
      chunky_png (~> 1.2)
      fssm (>= 0.2.7)
      sass (~> 3.1)
    fssm (0.2.9)
    haml (3.1.4)
    highline (1.6.11)
    kramdown (0.13.5)
    libxml-ruby (2.3.2)
    net-scp (1.0.4)
      net-ssh (>= 1.99.1)
    net-sftp (2.0.5)
      net-ssh (>= 2.0.9)
    net-ssh (2.3.0)
    net-ssh-gateway (1.1.0)
      net-ssh (>= 1.99.1)
    parslet (1.3.0)
      blankslate (~> 2.0)
    rack (1.4.1)
    rack-test (0.6.1)
      rack (>= 1.0)
    rake (0.9.2.2)
    ratom (0.6.10)
      libxml-ruby (>= 1.1.2)
    redcarpet (2.1.1)
    sass (3.1.16)
    soup (1.0.9)
    syntax (1.0.0)
    thor (0.14.6)
    vanilla (1.17.2)
      BlueCloth (>= 1.0.0)
      RedCloth (>= 4.1.1)
      haml (>= 3.1)
      parslet (>= 1.2.0)
      rack (>= 0.9.1)
      rack-test (>= 0.5.7)
      ratom (>= 0.3.5)
      soup (>= 1.0.9)

PLATFORMS
  ruby

DEPENDENCIES
  compass
  haml (~> 3.1)
  kramdown
  rake
  recap!
  redcarpet
  syntax
  vanilla (>= 1.17.2)
