GIT
  remote: git://github.com/freerange/recap.git
  revision: 4028bbd2e949408c381df39e33c2a7d948439507
  specs:
    recap (0.1.1)
      capistrano (~> 2.9.0)
      thor

GEM
  remote: http://rubygems.org/
  specs:
    BlueCloth (1.0.1)
    RedCloth (4.2.8)
    blankslate (2.1.2.4)
    capistrano (2.9.0)
      highline
      net-scp (>= 1.0.0)
      net-sftp (>= 2.0.0)
      net-ssh (>= 2.0.14)
      net-ssh-gateway (>= 1.1.0)
    chunky_png (1.2.5)
    compass (0.11.5)
      chunky_png (~> 1.2)
      fssm (>= 0.2.7)
      sass (~> 3.1)
    fssm (0.2.7)
    haml (3.1.3)
    highline (1.6.2)
    kramdown (0.13.3)
    libxml-ruby (2.2.2)
    net-scp (1.0.4)
      net-ssh (>= 1.99.1)
    net-sftp (2.0.5)
      net-ssh (>= 2.0.9)
    net-ssh (2.2.1)
    net-ssh-gateway (1.1.0)
      net-ssh (>= 1.99.1)
    parslet (1.2.3)
      blankslate (~> 2.0)
    rack (1.3.5)
    rack-test (0.6.1)
      rack (>= 1.0)
    rake (0.9.2.2)
    ratom (0.6.10)
      libxml-ruby (>= 1.1.2)
    redcarpet (1.17.2)
    sass (3.1.10)
    soup (1.0.9)
    syntax (1.0.0)
    thor (0.14.6)
    vanilla (1.17.2)
      BlueCloth (>= 1.0.0)
      RedCloth (>= 4.1.1)
      haml (>= 3.1)
      parslet (>= 1.2.0)
      rack (>= 0.9.1)
      rack-test (>= 0.5.7)
      ratom (>= 0.3.5)
      soup (>= 1.0.9)

PLATFORMS
  ruby

DEPENDENCIES
  compass
  haml (~> 3.1)
  kramdown
  rake
  recap!
  redcarpet
  syntax
  vanilla (>= 1.17.2)
